GIT
  remote: https://github.com/Futurelearn/drone-plugin-ruby.git
  revision: 84e33641c105eca38a829b1dd0413ed555ae06d5
  specs:
    drone-plugin (1.0.0)

GEM
  remote: https://rubygems.org/
  specs:
    httparty (0.16.2)
      multi_xml (>= 0.5.2)
    multi_xml (0.6.0)

PLATFORMS
  ruby

DEPENDENCIES
  drone-plugin!
  httparty

BUNDLED WITH
   1.17.3
